GEM
  remote: http://rubygems.org/
  specs:
    actionmailer (2.2.2)
      actionpack (= 2.2.2)
    actionpack (2.2.2)
      activesupport (= 2.2.2)
    activerecord (2.2.2)
      activesupport (= 2.2.2)
    activeresource (2.2.2)
      activesupport (= 2.2.2)
    activesupport (2.2.2)
    builder (3.0.0)
    rails (2.2.2)
      actionmailer (= 2.2.2)
      actionpack (= 2.2.2)
      activerecord (= 2.2.2)
      activeresource (= 2.2.2)
      activesupport (= 2.2.2)
      rake (>= 0.8.3)
    rake (0.8.7)
    twiliolib (2.0.7)
      builder (>= 2.1.2)

PLATFORMS
  ruby

DEPENDENCIES
  rails (= 2.2.2)
  twiliolib
